GEM
  remote: https://rubygems.org/
  specs:
    coderay (1.1.3)
    drydock (0.6.9)
    method_source (1.0.0)
    pry (0.14.1)
      coderay (~> 1.1)
      method_source (~> 1.0)
    rubygems-update (3.2.21)
    storable (0.8.9)
    sysinfo (0.8.1)
      drydock
      storable
    tryouts (2.1.1)
      sysinfo (>= 0.7.3)

PLATFORMS
  x86_64-linux

DEPENDENCIES
  bundler (>= 2)
  pry
  rubygems-update (= 3.2.21)
  tryouts

RUBY VERSION
   ruby 2.6.6p146

BUNDLED WITH
   2.2.21
